GEM
  remote: https://rubygems.org/
  specs:
    rake (12.3.0)

PLATFORMS
  ruby

DEPENDENCIES
  rake (~> 12.3)

BUNDLED WITH
   1.15.2
