GEM
  remote: https://rubygems.org/
  specs:
    rake (10.5.0)

PLATFORMS
  ruby

DEPENDENCIES
  rake (~> 10.0)

BUNDLED WITH
   1.15.2
